GIT
  remote: git://github.com/Ragnarson/metrics.git
  revision: 9f9b5c95bdf383c7fd6ea672909fa82bc59859e1
  specs:
    metrics (0.3.0)
      haml
      jquery-rails
      jquery-ui-rails
      rails (~> 3.2.1)

GIT
  remote: git://github.com/aetrion/dnsimple-ruby.git
  revision: 1a6796317f6198db025a9c45888f98c05004f134
  specs:
    dnsimple-ruby (1.3.2)
      httparty

GIT
  remote: git://github.com/fog/fog.git
  revision: c847af929c76a91461220cc4075c3731cffb4354
  specs:
    fog (1.9.0)
      builder
      excon (~> 0.14)
      formatador (~> 0.2.0)
      mime-types
      multi_json (~> 1.0)
      net-scp (~> 1.1)
      net-ssh (>= 2.1.3)
      nokogiri (~> 1.5.0)
      ruby-hmac

GIT
  remote: git://github.com/joliss/jquery-ui-rails.git
  revision: 4f1486a0ad9e65584392f941618cdf4fc70b66d0
  specs:
    jquery-ui-rails (4.0.1)
      jquery-rails
      railties (>= 3.1.0)

GIT
  remote: git://github.com/rails-api/active_model_serializers.git
  revision: 1c285772805546ee5c076c8693811e2a7206af29
  specs:
    active_model_serializers (0.5.2)
      activemodel (>= 3.0)

GIT
  remote: git://github.com/rails/cache_digests.git
  revision: 951d3a209de15358b861cdacb4b37400a1c497c4
  specs:
    cache_digests (0.2.0)
      actionpack (>= 3.2)
      thread_safe

GIT
  remote: https://github.com/defunkt/resque.git
  revision: cd4d8cc9f8033ca35222a49a68c967690ca07000
  branch: 1-x-stable
  specs:
    resque (1.23.0)
      multi_json (~> 1.0)
      redis-namespace (~> 1.0)
      sinatra (>= 0.9.2)
      vegas (~> 0.1.2)

GEM
  remote: https://rubygems.org/
  specs:
    actionmailer (3.2.12)
      actionpack (= 3.2.12)
      mail (~> 2.4.4)
    actionpack (3.2.12)
      activemodel (= 3.2.12)
      activesupport (= 3.2.12)
      builder (~> 3.0.0)
      erubis (~> 2.7.0)
      journey (~> 1.0.4)
      rack (~> 1.4.5)
      rack-cache (~> 1.2)
      rack-test (~> 0.6.1)
      sprockets (~> 2.2.1)
    activemodel (3.2.12)
      activesupport (= 3.2.12)
      builder (~> 3.0.0)
    activerecord (3.2.12)
      activemodel (= 3.2.12)
      activesupport (= 3.2.12)
      arel (~> 3.0.2)
      tzinfo (~> 0.3.29)
    activeresource (3.2.12)
      activemodel (= 3.2.12)
      activesupport (= 3.2.12)
    activesupport (3.2.12)
      i18n (~> 0.6)
      multi_json (~> 1.0)
    addressable (2.3.3)
    after_commit_queue (1.0.1)
      rails (~> 3.0)
    airbrake (3.1.8)
      activesupport
      builder
      json
    arel (3.0.2)
    atomic (1.0.1)
    bcrypt-ruby (3.0.1)
    bootstrap-sass (2.3.0.1)
      sass (~> 3.2)
    bson (1.8.2)
    bson_ext (1.8.2)
      bson (~> 1.8.2)
    builder (3.0.4)
    cache (0.4.0)
    cache_method (0.2.5)
      cache (>= 0.2.1)
    centrum_faktur (0.2.0)
      multi_json
    chef (11.4.0)
      erubis
      highline (>= 1.6.9)
      json (>= 1.4.4, <= 1.7.7)
      mixlib-authentication (>= 1.3.0)
      mixlib-cli (~> 1.3.0)
      mixlib-config (>= 1.1.2)
      mixlib-log (>= 1.3.0)
      mixlib-shellout
      net-ssh (~> 2.6)
      net-ssh-multi (~> 1.1.0)
      ohai (>= 0.6.0)
      rest-client (>= 1.0.4, < 1.7.0)
      yajl-ruby (~> 1.1)
    chronic (0.9.1)
    coffee-rails (3.2.2)
      coffee-script (>= 2.2.0)
      railties (~> 3.2.0)
    coffee-script (2.2.0)
      coffee-script-source
      execjs
    coffee-script-source (1.5.0)
    committed_changes (0.0.1)
      rails (~> 3.2.1)
    cookiejar (0.3.0)
    dalli (2.6.2)
    default_value_for (2.0.1)
    devise (2.2.3)
      bcrypt-ruby (~> 3.0)
      orm_adapter (~> 0.1)
      railties (~> 3.1)
      warden (~> 1.2.1)
    devise-encryptable (0.1.1)
      devise (>= 2.1.0.rc)
    diff-lcs (1.2.1)
    em-http-request (1.0.3)
      addressable (>= 2.2.3)
      cookiejar
      em-socksify
      eventmachine (>= 1.0.0.beta.4)
      http_parser.rb (>= 0.5.3)
    em-socksify (0.2.1)
      eventmachine (>= 1.0.0.beta.4)
    erubis (2.7.0)
    eventmachine (1.0.1)
    excon (0.19.2)
    execjs (1.4.0)
      multi_json (~> 1.0)
    flipper (0.6.0)
    flipper-redis (0.6.1)
      flipper (~> 0.6.0)
      redis (~> 3.0.0)
    formatador (0.2.4)
    grit (2.5.0)
      diff-lcs (~> 1.1)
      mime-types (~> 1.15)
      posix-spawn (~> 0.3.6)
    haml (4.0.1.rc.1)
      tilt
    has_scope (0.5.1)
    highline (1.6.15)
    hike (1.2.1)
    hiredis (0.4.5)
    http_parser.rb (0.5.3)
    httparty (0.10.2)
      multi_json (~> 1.0)
      multi_xml (>= 0.5.2)
    i18n (0.6.4)
    inherited_resources (1.3.1)
      has_scope (~> 0.5.0)
      responders (~> 0.6)
    ipaddress (0.8.0)
    journey (1.0.4)
    jquery-rails (2.2.1)
      railties (>= 3.0, < 5.0)
      thor (>= 0.14, < 2.0)
    json (1.7.7)
    kaminari (0.14.1)
      actionpack (>= 3.0.0)
      activesupport (>= 3.0.0)
    mail (2.4.4)
      i18n (>= 0.4.0)
      mime-types (~> 1.16)
      treetop (~> 1.4.8)
    mailchimp (0.0.8)
      httparty
    mime-types (1.21)
    mixlib-authentication (1.3.0)
      mixlib-log
    mixlib-cli (1.3.0)
    mixlib-config (1.1.2)
    mixlib-log (1.4.1)
    mixlib-shellout (1.1.0)
    mongo (1.8.2)
      bson (~> 1.8.2)
    monit (0.2.2)
      activesupport (~> 3.2.2)
      nokogiri (~> 1.5.2)
    msgpack (0.5.3)
    multi_json (1.6.1)
    multi_xml (0.5.3)
    net-scp (1.1.0)
      net-ssh (>= 2.6.5)
    net-sftp (2.1.1)
      net-ssh (>= 2.6.5)
    net-ssh (2.6.5)
    net-ssh-gateway (1.2.0)
      net-ssh (>= 2.6.5)
    net-ssh-multi (1.1)
      net-ssh (>= 2.1.4)
      net-ssh-gateway (>= 0.99.0)
    newrelic-redis (1.4.0)
      newrelic_rpm (~> 3.0)
      redis (< 4.0)
    newrelic_rpm (3.5.8.70)
    nokogiri (1.5.6)
    ohai (6.16.0)
      ipaddress
      mixlib-cli
      mixlib-config
      mixlib-log
      mixlib-shellout
      systemu
      yajl-ruby
    orm_adapter (0.4.0)
    paper_trail (2.7.1)
      activerecord (~> 3.0)
      railties (~> 3.0)
    pg (0.14.1)
    polyglot (0.3.3)
    posix-spawn (0.3.6)
    puma (2.0.0.b6)
      rack (>= 1.1, < 2.0)
    rack (1.4.5)
    rack-cache (1.2)
      rack (>= 0.4)
    rack-cors (0.2.7)
      rack
    rack-protection (1.4.0)
      rack
    rack-ssl (1.3.3)
      rack
    rack-test (0.6.2)
      rack (>= 1.0)
    rails (3.2.12)
      actionmailer (= 3.2.12)
      actionpack (= 3.2.12)
      activerecord (= 3.2.12)
      activeresource (= 3.2.12)
      activesupport (= 3.2.12)
      bundler (~> 1.0)
      railties (= 3.2.12)
    rails_config (0.3.2)
      activesupport (>= 3.0)
    railties (3.2.12)
      actionpack (= 3.2.12)
      activesupport (= 3.2.12)
      rack-ssl (~> 1.3.2)
      rake (>= 0.8.7)
      rdoc (~> 3.4)
      thor (>= 0.14.6, < 2.0)
    rake (10.0.3)
    rdoc (3.12.2)
      json (~> 1.4)
    redis (3.0.3)
    redis-classy (1.2.0)
      redis-namespace (~> 1.0)
    redis-mutex (2.1.0)
      redis-classy (~> 1.2)
    redis-namespace (1.2.1)
      redis (~> 3.0.0)
    responders (0.9.3)
      railties (~> 3.1)
    resque-lock-timeout (0.4.1)
      resque (>= 1.8.0)
    rest-client (1.6.7)
      mime-types (>= 1.16)
    rfc-822 (0.3.0)
    rpm_contrib (2.1.11)
      newrelic_rpm (>= 3.1.1)
      newrelic_rpm (>= 3.1.1)
    ruby-hmac (0.4.0)
    sass (3.2.6)
    sass-rails (3.2.6)
      railties (~> 3.2.0)
      sass (>= 3.1.10)
      tilt (~> 1.3)
    simple_form (2.0.4)
      actionpack (~> 3.0)
      activemodel (~> 3.0)
    sinatra (1.3.5)
      rack (~> 1.4)
      rack-protection (~> 1.3)
      tilt (~> 1.3, >= 1.3.3)
    site_meta (1.0.0)
      rails (>= 2.3.5)
    sprockets (2.2.2)
      hike (~> 1.2)
      multi_json (~> 1.0)
      rack (~> 1.0)
      tilt (~> 1.1, != 1.3.0)
    state_machine (1.1.2)
    statsd-instrument (1.5.0)
    systemu (2.5.2)
    thor (0.17.0)
    thread_safe (0.1.0)
      atomic
    tilt (1.3.4)
    treetop (1.4.12)
      polyglot
      polyglot (>= 0.3.1)
    tzinfo (0.3.35)
    uglifier (1.3.0)
      execjs (>= 0.3.0)
      multi_json (~> 1.0, >= 1.0.2)
    vegas (0.1.11)
      rack (>= 1.0.0)
    warden (1.2.1)
      rack (>= 1.0)
    whenever (0.8.2)
      activesupport (>= 2.3.4)
      chronic (>= 0.6.3)
    yajl-ruby (1.1.0)

PLATFORMS
  ruby

DEPENDENCIES
  active_model_serializers!
  after_commit_queue
  airbrake
  bootstrap-sass (~> 2.2)
  bson_ext
  cache_digests!
  cache_method
  centrum_faktur
  chef (>= 0.10.8)
  chronic
  coffee-rails (~> 3.2.1)
  committed_changes
  dalli (>= 2.1.0)
  default_value_for
  devise (~> 2.2.3)
  devise-encryptable
  dnsimple-ruby!
  em-http-request
  flipper
  flipper-redis
  fog!
  grit
  haml (>= 3.2.0.beta.3)
  hiredis (~> 0.4.5)
  i18n
  inherited_resources
  jquery-rails
  jquery-ui-rails!
  kaminari
  mailchimp (~> 0.0.7.alpha)
  metrics!
  mongo
  monit (>= 0.2.2)
  msgpack
  net-sftp
  net-ssh
  net-ssh-multi (= 1.1.0)
  newrelic-redis
  newrelic_rpm
  paper_trail (~> 2)
  pg
  puma (~> 2.0.0.b6)
  rack-cors
  rails (~> 3.2.12)
  rails_config
  rake
  redis
  redis-mutex
  resque!
  resque-lock-timeout
  rfc-822
  rpm_contrib
  sass
  sass-rails (~> 3.2.3)
  simple_form (~> 2.0.1)
  site_meta
  state_machine
  statsd-instrument
  systemu
  uglifier (>= 1.0.3)
  whenever
